GEM
  specs:
    coderay (1.1.2)
    colorize (0.8.1)
    docopt (0.6.1)
    json (2.1.0)
    method_source (1.0.0)
    mini_portile2 (2.4.0)
    nokogiri (1.10.9)
      mini_portile2 (~> 2.4.0)
    open_uri_redirections (0.2.1)
    pry (0.13.0)
      coderay (~> 1.1)
      method_source (~> 1.0)
    ruby-terminfo (0.1.1)
    tco (0.1.8)

PLATFORMS
  ruby

DEPENDENCIES
  colorize
  nokogiri
  open_uri_redirections
  pry

BUNDLED WITH
   2.1.4
